GEM
  remote: https://rubygems.org/
  specs:
    ansi (1.5.0)
    hashie (3.3.2)
    itamae (1.1.1)
      ansi
      hashie
      specinfra (~> 2.1)
      thor
    net-scp (1.2.1)
      net-ssh (>= 2.6.5)
    net-ssh (2.9.2)
    specinfra (2.11.5)
      net-scp
      net-ssh
    thor (0.19.1)

PLATFORMS
  ruby

DEPENDENCIES
  itamae
